GEM
  remote: https://rubygems.org/
  specs:
    coderay (1.1.0)
    erubis (2.7.0)
    ffi (1.9.10)
    listen (3.0.4)
      rb-fsevent (>= 0.9.3)
      rb-inotify (>= 0.9)
    mini_portile (0.6.2)
    nokogiri (1.6.6.2)
      mini_portile (~> 0.6.0)
    rack (1.6.0)
    rack-protection (1.5.3)
      rack
    rb-fsevent (0.9.6)
    rb-inotify (0.9.5)
      ffi (>= 0.5.0)
    rerun (0.11.0)
      listen (~> 3.0)
    sinatra (1.4.6)
      rack (~> 1.4)
      rack-protection (~> 1.4)
      tilt (>= 1.3, < 3)
    sinatra-partial (0.4.0)
      sinatra
    tilt (2.0.1)

PLATFORMS
  ruby

DEPENDENCIES
  coderay
  erubis
  nokogiri
  rb-fsevent
  rerun
  sinatra
  sinatra-partial
